GEM
  remote: https://rubygems.org/
  specs:
    appsignal (2.1.2)
      rack
      thread_safe
    rack (2.0.1)
    sinatra (1.0)
      rack (>= 1.0)
    thread_safe (0.3.6)

PLATFORMS
  ruby

DEPENDENCIES
  appsignal
  sinatra

BUNDLED WITH
   1.13.6
